GEM
  remote: http://rubygems.org/
  specs:
    actionmailer (2.3.18)
      actionpack (= 2.3.18)
    actionpack (2.3.18)
      activesupport (= 2.3.18)
      rack (~> 1.1.0)
    activerecord (2.3.18)
      activesupport (= 2.3.18)
    activeresource (2.3.18)
      activesupport (= 2.3.18)
    activesupport (2.3.18)
    authlogic (2.1.3)
      activesupport
    aws-s3 (0.6.2)
      builder
      mime-types
      xml-simple
    builder (3.2.0)
    disqus (1.0.2)
      json
    hpricot (0.8.6)
    hrmparser (0.7.0)
    json (1.7.7)
    little-plugger (1.1.3)
    logging (1.3.0)
      little-plugger (>= 1.1.1)
    mime-types (1.23)
    paperclip (2.3.0)
    pg (0.15.1)
    rack (1.1.6)
    rails (2.3.18)
      actionmailer (= 2.3.18)
      actionpack (= 2.3.18)
      activerecord (= 2.3.18)
      activeresource (= 2.3.18)
      activesupport (= 2.3.18)
      rake (>= 0.8.3)
    rake (10.0.4)
    right_aws (1.10.0)
      right_http_connection (>= 1.2.4)
    right_http_connection (1.3.0)
    sqlite3 (1.3.7)
    sqlite3-ruby (1.3.3)
      sqlite3 (>= 1.3.3)
    will_paginate (2.3.11)
    xml-simple (1.1.2)

PLATFORMS
  ruby

DEPENDENCIES
  authlogic (= 2.1.3)
  aws-s3 (= 0.6.2)
  disqus (= 1.0.2)
  hpricot
  hrmparser (= 0.7.0)
  logging (= 1.3.0)
  paperclip (= 2.3.0)
  pg
  rails (~> 2.3.18)
  right_aws (= 1.10.0)
  sqlite3-ruby
  will_paginate (= 2.3.11)
